GIT
  remote: https://github.com/grosser/hamlet.rb.git
  revision: daf922bb40a9daa20fcc50a7e10c77cff772d688
  ref: all
  specs:
    hamlet (0.5.0.1)
      slim (~> 1.2.0)

GIT
  remote: https://github.com/grosser/slim.git
  revision: f1b32d3b5422536b5f4f708dde55a13dc43568dc
  ref: rails2
  specs:
    slim (1.2.1)
      temple (~> 0.4.0)
      tilt (~> 1.3.3)

PATH
  remote: .
  specs:
    gettext_i18n_rails (0.6.1)
      fast_gettext

GEM
  remote: http://rubygems.org/
  specs:
    actionmailer (2.3.14)
      actionpack (= 2.3.14)
    actionpack (2.3.14)
      activesupport (= 2.3.14)
      rack (~> 1.1.0)
    activerecord (2.3.14)
      activesupport (= 2.3.14)
    activeresource (2.3.14)
      activesupport (= 2.3.14)
    activesupport (2.3.14)
    diff-lcs (1.1.2)
    fast_gettext (0.6.7)
    gettext (2.1.0)
      locale (>= 2.0.5)
    haml (3.1.4)
    locale (2.0.5)
    rack (1.1.3)
    rails (2.3.14)
      actionmailer (= 2.3.14)
      actionpack (= 2.3.14)
      activerecord (= 2.3.14)
      activeresource (= 2.3.14)
      activesupport (= 2.3.14)
      rake (>= 0.8.3)
    rake (0.9.2)
    rspec (2.6.0)
      rspec-core (~> 2.6.0)
      rspec-expectations (~> 2.6.0)
      rspec-mocks (~> 2.6.0)
    rspec-core (2.6.4)
    rspec-expectations (2.6.0)
      diff-lcs (~> 1.1.2)
    rspec-mocks (2.6.0)
    ruby_parser (2.3.1)
      sexp_processor (~> 3.0)
    sexp_processor (3.0.10)
    sqlite3 (1.3.4)
    temple (0.4.0)
    tilt (1.3.3)

PLATFORMS
  ruby

DEPENDENCIES
  gettext
  gettext_i18n_rails!
  haml
  hamlet!
  rails (= 2.3.14)
  rake
  rspec (~> 2)
  ruby_parser
  slim!
  sqlite3 (~> 1.3.4)
